GEM
  remote: http://rubygems.org/
  specs:
    RedCloth (4.2.7)
    albino (1.3.3)
      posix-spawn (>= 0.3.6)
    bluecloth (2.1.0)
    classifier (1.3.3)
      fast-stemmer (>= 1.0.0)
    directory_watcher (1.4.1)
    fast-stemmer (1.0.1)
    foreman (0.60.0)
      thor (>= 0.13.6)
    jekyll (0.11.0)
      albino (>= 1.3.2)
      classifier (>= 1.3.1)
      directory_watcher (>= 1.1.1)
      kramdown (>= 0.13.2)
      liquid (>= 1.9.0)
      maruku (>= 0.5.9)
    kramdown (0.13.6)
    liquid (2.2.2)
    maruku (0.6.0)
      syntax (>= 1.0.0)
    posix-spawn (0.3.6)
    powder (0.1.8)
      thor (>= 0.11.5)
    syntax (1.0.0)
    thor (0.16.0)

PLATFORMS
  ruby

DEPENDENCIES
  RedCloth
  bluecloth
  foreman
  jekyll (= 0.11.0)
  liquid (= 2.2.2)
  powder
